GEM
  remote: http://rubygems.org/
  specs:
    RedCloth (4.2.9)
    activesupport (2.3.14)
    addressable (2.2.6)
    diff-lcs (1.1.3)
    domainatrix (0.0.10)
      addressable
    hoe (2.12.5)
      rake (~> 0.8)
    i18n (0.6.0)
    json (1.6.4)
    multi_json (1.0.4)
    newgem (1.5.3)
      RedCloth (>= 4.1.1)
      activesupport (~> 2.3.4)
      hoe (>= 2.4.0)
      rubigen (>= 1.5.3)
      syntax (>= 1.0.0)
    one_hundred_percent_coverage (0.0.2)
      simplecov (>= 0.3.7)
    rake (0.9.2.2)
    rdoc (3.12)
      json (~> 1.4)
    rspec (2.7.0)
      rspec-core (~> 2.7.0)
      rspec-expectations (~> 2.7.0)
      rspec-mocks (~> 2.7.0)
    rspec-core (2.7.1)
    rspec-expectations (2.7.0)
      diff-lcs (~> 1.1.2)
    rspec-mocks (2.7.0)
    rubigen (1.5.7)
      activesupport (>= 2.3.5)
      i18n
    simplecov (0.5.4)
      multi_json (~> 1.0.3)
      simplecov-html (~> 0.5.3)
    simplecov-html (0.5.3)
    syntax (1.0.0)

PLATFORMS
  ruby

DEPENDENCIES
  domainatrix
  hoe (>= 2.7.0)
  newgem (>= 1.5.3)
  one_hundred_percent_coverage
  rdoc (>= 3.2)
  rspec (>= 2.0.1)
  simplecov (>= 0.3.7)
